PATH
  remote: .
  specs:
    bitcoin (0.0.30)
      eventmachine
      ffi

GEM
  remote: https://rubygems.org/
  specs:
    ast (2.4.2)
    bacon (1.2.0)
    base58-alphabets (1.0.0)
    bech32 (1.3.0)
      thor (>= 1.1.0)
    bindata (2.4.15)
    debug (1.7.1)
    diff-lcs (1.5.0)
    docile (1.4.0)
    ecdsa (1.2.0)
    eventmachine (1.2.7)
    ffi (1.15.5)
    json (2.6.3)
    minitest (5.18.0)
    money-tree (0.11.2)
      bech32 (~> 1.3)
      openssl (~> 3.1)
    openssl (3.1.0)
    parallel (1.22.1)
    parser (3.2.1.1)
      ast (~> 2.4.1)
    rainbow (3.1.1)
    rake (12.3.3)
    regexp_parser (2.7.0)
    rexml (3.2.5)
    rspec (3.12.0)
      rspec-core (~> 3.12.0)
      rspec-expectations (~> 3.12.0)
      rspec-mocks (~> 3.12.0)
    rspec-core (3.12.2)
      rspec-support (~> 3.12.0)
    rspec-expectations (3.12.3)
      diff-lcs (>= 1.2.0, < 2.0)
      rspec-support (~> 3.12.0)
    rspec-mocks (3.12.5)
      diff-lcs (>= 1.2.0, < 2.0)
      rspec-support (~> 3.12.0)
    rspec-support (3.12.0)
    rubocop (1.48.1)
      json (~> 2.3)
      parallel (~> 1.10)
      parser (>= 3.2.0.0)
      rainbow (>= 2.2.2, < 4.0)
      regexp_parser (>= 1.8, < 3.0)
      rexml (>= 3.2.5, < 4.0)
      rubocop-ast (>= 1.26.0, < 2.0)
      ruby-progressbar (~> 1.7)
      unicode-display_width (>= 2.4.0, < 3.0)
    rubocop-ast (1.28.0)
      parser (>= 3.2.1.0)
    ruby-progressbar (1.13.0)
    simplecov (0.22.0)
      docile (~> 1.1)
      simplecov-html (~> 0.11)
      simplecov_json_formatter (~> 0.1)
    simplecov-html (0.12.3)
    simplecov_json_formatter (0.1.4)
    thor (1.2.1)
    unicode-display_width (2.4.2)

PLATFORMS
  x86_64-linux

DEPENDENCIES
  bacon (~> 1.2.0)
  base58-alphabets
  bindata
  bitcoin!
  debug
  ecdsa
  minitest (~> 5.18.0)
  money-tree
  rake (~> 12.3.1)
  rspec (~> 3.12.0)
  rubocop (~> 1.48.1)
  simplecov (~> 0.22.0)

BUNDLED WITH
   2.4.12
